PATH
  remote: /Users/paulengel/Sites/e9s-plugins/vendor/plugins/rich_cms
  specs:
    rich_cms (2.1.7)
      authlogic (>= 2.1.2)
      haml (>= 3)
      jzip (>= 1.0.11)

GEM
  remote: http://rubygems.org/
  specs:
    actionmailer (2.3.10)
      actionpack (= 2.3.10)
    actionpack (2.3.10)
      activesupport (= 2.3.10)
      rack (~> 1.1.0)
    activerecord (2.3.10)
      activesupport (= 2.3.10)
    activeresource (2.3.10)
      activesupport (= 2.3.10)
    activesupport (2.3.10)
    authlogic (2.1.6)
      activesupport
    haml (3.0.25)
    jzip (1.0.11)
    rack (1.1.0)
    rails (2.3.10)
      actionmailer (= 2.3.10)
      actionpack (= 2.3.10)
      activerecord (= 2.3.10)
      activeresource (= 2.3.10)
      activesupport (= 2.3.10)
      rake (>= 0.8.3)
    rake (0.8.7)
    sqlite3 (1.3.3)
    sqlite3-ruby (1.3.3)
      sqlite3 (>= 1.3.3)

PLATFORMS
  ruby

DEPENDENCIES
  rails (= 2.3.10)
  rich_cms!
  sqlite3-ruby
